GEM
  remote: https://rubygems.org/
  specs:
    minitest (5.15.0)
    rake (13.0.6)

PLATFORMS
  x86_64-darwin-20

DEPENDENCIES
  minitest
  rake

RUBY VERSION
   ruby 3.1.1p18

BUNDLED WITH
   2.3.7
